PATH
  remote: /Users/pasha/Dev/toptal/codeowners-checker
  specs:
    codeowners-checker (1.1.0)
      fuzzy_match (~> 2.1)
      git (~> 1.5)
      json (~> 2.1)
      pathspec (~> 0.2.0)
      rest-client (~> 2.1)
      thor (~> 0.20.3)

GEM
  remote: https://rubygems.org/
  specs:
    domain_name (0.5.20190701)
      unf (>= 0.0.5, < 1.0.0)
    fuzzy_match (2.1.0)
    git (1.5.0)
    http-accept (1.7.0)
    http-cookie (1.0.3)
      domain_name (~> 0.5)
    json (2.3.0)
    mime-types (3.3.1)
      mime-types-data (~> 3.2015)
    mime-types-data (3.2019.1009)
    netrc (0.11.0)
    pathspec (0.2.1)
    rest-client (2.1.0)
      http-accept (>= 1.7.0, < 2.0)
      http-cookie (>= 1.0.2, < 2.0)
      mime-types (>= 1.16, < 4.0)
      netrc (~> 0.8)
    thor (0.20.3)
    unf (0.1.4)
      unf_ext
    unf_ext (0.0.7.6)

PLATFORMS
  ruby

DEPENDENCIES
  codeowners-checker!

BUNDLED WITH
   1.17.2
